GEM
  remote: http://rubygems.org/
  specs:
    activesupport (5.1.1)
      concurrent-ruby (~> 1.0, >= 1.0.2)
      i18n (~> 0.7)
      minitest (~> 5.1)
      tzinfo (~> 1.1)
    concurrent-ruby (1.0.5)
    fakeweb (1.3.0)
    i18n (0.8.6)
    mini_portile2 (2.3.0)
    minitest (5.10.2)
    nokogiri (1.8.2)
      mini_portile2 (~> 2.3.0)
    shoulda (3.5.0)
      shoulda-context (~> 1.0, >= 1.0.1)
      shoulda-matchers (>= 1.4.1, < 3.0)
    shoulda-context (1.2.2)
    shoulda-matchers (2.8.0)
      activesupport (>= 3.0.0)
    thread_safe (0.3.6)
    tzinfo (1.2.3)
      thread_safe (~> 0.1)

PLATFORMS
  ruby

DEPENDENCIES
  fakeweb (~> 1.3)
  nokogiri (~> 1.8.2)
  shoulda (~> 3.5.0)

BUNDLED WITH
   1.15.1
