GEM
  remote: http://rubygems.org/
  specs:
    fakeweb (1.3.0)
    nokogiri (1.4.4)
    shoulda (2.11.3)

PLATFORMS
  ruby

DEPENDENCIES
  fakeweb
  nokogiri (~> 1.4.3)
  shoulda
